GEM
  remote: https://rubygems.org/
  specs:
    builder (3.2.2)
    excon (0.25.3)
    fileutils (0.7)
      rmagick (>= 2.13.1)
    fog (1.15.0)
      builder
      excon (~> 0.25.0)
      formatador (~> 0.2.0)
      mime-types
      multi_json (~> 1.0)
      net-scp (~> 1.1)
      net-ssh (>= 2.1.3)
      nokogiri (~> 1.5)
      ruby-hmac
    formatador (0.2.4)
    mime-types (1.25)
    mini_portile (0.5.2)
    multi_json (1.8.2)
    net-scp (1.1.2)
      net-ssh (>= 2.6.5)
    net-ssh (2.7.0)
    nokogiri (1.6.0)
      mini_portile (~> 0.5.0)
    rmagick (2.13.2)
    ruby-hmac (0.4.0)

PLATFORMS
  ruby

DEPENDENCIES
  fileutils
  fog
